GEM
  remote: https://rubygems.org/
  specs:
    asciidoctor (2.0.23)
    asciidoctor-diagram (2.3.1)
      asciidoctor (>= 1.5.7, < 3.x)
      asciidoctor-diagram-ditaamini (~> 1.0)
      asciidoctor-diagram-plantuml (~> 1.2021)
      rexml
    asciidoctor-diagram-batik (1.17)
    asciidoctor-diagram-ditaamini (1.0.3)
    asciidoctor-diagram-plantuml (1.2024.6)
      asciidoctor-diagram-batik (~> 1.17)
    asciidoctor-katex (0.4.1)
      asciidoctor (>= 1.5.6, < 3.0)
      katex (~> 0.9.0)
    execjs (2.10.0)
    katex (0.9.0)
      execjs (~> 2.7)
    rexml (3.3.9)
    rouge (4.4.0)

PLATFORMS
  x86_64-linux

DEPENDENCIES
  asciidoctor
  asciidoctor-diagram
  asciidoctor-katex
  rouge

BUNDLED WITH
   2.5.23
