PATH
  remote: .
  specs:
    asciidoctor-server (0.4.0)
      asciidoctor (~> 2.0)
      grpc (~> 1.0)
      logging (~> 1.0)
      optparse (~> 0.3.1)

GEM
  remote: https://rubygems.org/
  specs:
    asciidoctor (2.0.23)
    google-protobuf (3.25.2)
    google-protobuf (3.25.2-arm64-darwin)
    google-protobuf (3.25.2-x86_64-darwin)
    google-protobuf (3.25.2-x86_64-linux)
    googleapis-common-protos-types (1.11.0)
      google-protobuf (~> 3.18)
    grpc (1.60.0)
      google-protobuf (~> 3.25)
      googleapis-common-protos-types (~> 1.0)
    grpc (1.60.0-arm64-darwin)
      google-protobuf (~> 3.25)
      googleapis-common-protos-types (~> 1.0)
    grpc (1.60.0-x86_64-darwin)
      google-protobuf (~> 3.25)
      googleapis-common-protos-types (~> 1.0)
    grpc (1.60.0-x86_64-linux)
      google-protobuf (~> 3.25)
      googleapis-common-protos-types (~> 1.0)
    grpc-tools (1.60.0)
    little-plugger (1.1.4)
    logging (1.8.2)
      little-plugger (>= 1.1.3)
      multi_json (>= 1.8.4)
    multi_json (1.15.0)
    optparse (0.3.1)
    rake (13.1.0)

PLATFORMS
  arm64-darwin
  arm64-linux
  x86_64-darwin
  x86_64-linux

DEPENDENCIES
  asciidoctor-server!
  grpc-tools (~> 1.0)
  rake (~> 13.0)

BUNDLED WITH
   2.3.26
